GEM
  remote: https://rubygems.org/
  specs:
    concurrent-ruby (1.1.5)
    cpf_utils (1.3.1)
    faker (2.2.2)
      i18n (~> 1.6.0)
    i18n (1.6.0)
      concurrent-ruby (~> 1.0)

PLATFORMS
  ruby

DEPENDENCIES
  cpf_utils
  faker

BUNDLED WITH
   2.0.2
